GIT
  remote: https://github.com/jnicklas/capybara.git
  revision: a94dfbc4d07dcfe53bbea334f7f47f584737a0c0
  specs:
    capybara (2.2.0)
      mime-types (>= 1.16)
      nokogiri (>= 1.3.3)
      rack (>= 1.0.0)
      rack-test (>= 0.5.4)
      xpath (~> 2.0)

GIT
  remote: https://github.com/mattheworiordan/capybara-screenshot.git
  revision: 8f16ee8a813e173fe09a8bc52f967a216f2f5d3e
  specs:
    capybara-screenshot (0.3.18)
      capybara (>= 1.0, < 3)
      launchy

GEM
  remote: http://rubygems.org/
  specs:
    addressable (2.3.5)
    childprocess (0.5.1)
      ffi (~> 1.0, >= 1.0.11)
    diff-lcs (1.2.5)
    ffi (1.9.3)
    launchy (2.4.2)
      addressable (~> 2.3)
    mime-types (2.1)
    mini_portile (0.5.2)
    multi_json (1.9.0)
    nokogiri (1.6.1)
      mini_portile (~> 0.5.0)
    rack (1.5.2)
    rack-test (0.6.2)
      rack (>= 1.0)
    rspec (2.14.1)
      rspec-core (~> 2.14.0)
      rspec-expectations (~> 2.14.0)
      rspec-mocks (~> 2.14.0)
    rspec-core (2.14.8)
    rspec-expectations (2.14.5)
      diff-lcs (>= 1.1.3, < 2.0)
    rspec-mocks (2.14.6)
    rubyzip (1.1.0)
    selenium-webdriver (2.40.0)
      childprocess (>= 0.5.0)
      multi_json (~> 1.0)
      rubyzip (~> 1.0)
      websocket (~> 1.0.4)
    websocket (1.0.7)
    xpath (2.0.0)
      nokogiri (~> 1.3)

PLATFORMS
  ruby

DEPENDENCIES
  capybara!
  capybara-screenshot!
  launchy
  rspec
  selenium-webdriver
